GEM
  remote: https://rubygems.org/
  specs:
    exifr (1.3.4)
    mini_portile2 (2.3.0)
    nokogiri (1.8.5)
      mini_portile2 (~> 2.3.0)
    parallel (1.12.1)
    ruby-prof (0.17.0)

PLATFORMS
  ruby

DEPENDENCIES
  exifr
  nokogiri
  parallel
  ruby-prof

BUNDLED WITH
   1.12.5
