GEM
  remote: https://rubygems.org/
  specs:
    exifr (1.3.4)
    mini_portile2 (2.8.0)
    nokogiri (1.13.9)
      mini_portile2 (~> 2.8.0)
      racc (~> 1.4)
    parallel (1.12.1)
    racc (1.6.0)
    ruby-prof (0.17.0)

PLATFORMS
  ruby

DEPENDENCIES
  exifr
  nokogiri
  parallel
  ruby-prof

BUNDLED WITH
   1.12.5
