GEM
  remote: https://rubygems.org/
  specs:
    exifr (1.2.5)
    mini_portile2 (2.3.0)
    nokogiri (1.8.2)
      mini_portile2 (~> 2.3.0)
    parallel (1.11.1)
    ruby-prof (0.16.2)

PLATFORMS
  ruby

DEPENDENCIES
  exifr
  nokogiri
  parallel
  ruby-prof

BUNDLED WITH
   1.12.5
